GEM
  remote: https://rubygems.org/
  specs:
    addressable (2.8.6)
      public_suffix (>= 2.0.2, < 6.0)
    axiom-types (0.1.1)
      descendants_tracker (~> 0.0.4)
      ice_nine (~> 0.11.0)
      thread_safe (~> 0.3, >= 0.3.1)
    coercible (1.0.0)
      descendants_tracker (~> 0.0.1)
    descendants_tracker (0.0.4)
      thread_safe (~> 0.3, >= 0.3.1)
    droplet_kit (3.20.0)
      faraday (>= 0.15)
      faraday-retry (~> 2.2.0)
      kartograph (~> 0.2.8)
      resource_kit (~> 0.1.5)
      virtus (>= 1.0.3, <= 3)
    faraday (2.9.0)
      faraday-net_http (>= 2.0, < 3.2)
    faraday-net_http (3.1.0)
      net-http
    faraday-retry (2.2.1)
      faraday (~> 2.0)
    ice_nine (0.11.2)
    kartograph (0.2.8)
    net-http (0.4.1)
      uri
    net-ssh (7.2.3)
    public_suffix (5.0.5)
    resource_kit (0.1.8)
      addressable (>= 2.3.6, < 3.0.0)
    thread_safe (0.3.6)
    uri (0.13.0)
    virtus (2.0.0)
      axiom-types (~> 0.1)
      coercible (~> 1.0)
      descendants_tracker (~> 0.0, >= 0.0.3)

PLATFORMS
  x86_64-linux

DEPENDENCIES
  droplet_kit (~> 3.20)
  net-ssh (~> 7.2)

BUNDLED WITH
   2.4.22
